GIT
  remote: https://github.com/jruby/warbler.git
  revision: 7475c56b9926bc257581964b7ad3281469e3fb86
  branch: 2.x-dev
  specs:
    warbler (2.0.0.rc3)
      jruby-jars (>= 9.0.0.0)
      jruby-rack (>= 1.1.1, < 1.3)
      rake (>= 10.1.0)
      rubyzip (~> 1.0, < 1.4)

GEM
  remote: https://rubygems.org/
  specs:
    jruby-jars (9.1.2.0)
    jruby-rack (1.1.20)
    nokogiri (1.6.8-java)
    rake (11.2.2)
    rubyzip (1.2.0)

PLATFORMS
  java

DEPENDENCIES
  nokogiri
  warbler!

BUNDLED WITH
   1.10.6
